GEM
  remote: https://rubygems.org/
  specs:
    io-console (0.7.2)
    irb (1.13.1)
      rdoc (>= 4.0.0)
      reline (>= 0.4.2)
    psych (5.1.2)
      stringio
    rdoc (6.7.0)
      psych (>= 4.0.0)
    reline (0.5.8)
      io-console (~> 0.5)
    stringio (3.1.0)

PLATFORMS
  arm64-darwin-22
  ruby

DEPENDENCIES
  irb (~> 1.13)

BUNDLED WITH
   2.5.7
