PATH
  remote: ../muina
  specs:
    muina (0.3.0)
      zeitwerk

GEM
  remote: https://rubygems.org/
  specs:
    diff-lcs (1.5.1)
    io-console (0.7.2)
    irb (1.13.1)
      rdoc (>= 4.0.0)
      reline (>= 0.4.2)
    psych (5.1.2)
      stringio
    rdoc (6.7.0)
      psych (>= 4.0.0)
    reline (0.5.8)
      io-console (~> 0.5)
    rspec (3.13.0)
      rspec-core (~> 3.13.0)
      rspec-expectations (~> 3.13.0)
      rspec-mocks (~> 3.13.0)
    rspec-core (3.13.0)
      rspec-support (~> 3.13.0)
    rspec-expectations (3.13.0)
      diff-lcs (>= 1.2.0, < 2.0)
      rspec-support (~> 3.13.0)
    rspec-mocks (3.13.1)
      diff-lcs (>= 1.2.0, < 2.0)
      rspec-support (~> 3.13.0)
    rspec-support (3.13.1)
    stringio (3.1.0)
    zeitwerk (2.6.15)

PLATFORMS
  arm64-darwin-22
  ruby

DEPENDENCIES
  irb
  muina!
  rspec

BUNDLED WITH
   2.5.7
